GEM
  remote: http://rubygems.org/
  specs:
    builder (3.0.0)
    dalli (1.1.3)
    kgio (2.6.0)
    newrelic_rpm (3.3.3)
    nokogiri (1.5.2)
    rack (1.4.1)
    rack-cache (1.2)
      rack (>= 0.4)
    rack-protection (1.2.0)
      rack
    raindrops (0.7.0)
    rdiscount (1.6.8)
    sinatra (1.3.2)
      rack (~> 1.3, >= 1.3.6)
      rack-protection (~> 1.2)
      tilt (~> 1.3, >= 1.3.3)
    slim (1.2.2)
      temple (~> 0.4.0)
      tilt (~> 1.3.3)
    temple (0.4.0)
    tilt (1.3.3)
    unicorn (4.1.1)
      kgio (~> 2.4)
      rack
      raindrops (~> 0.6)

PLATFORMS
  ruby

DEPENDENCIES
  builder
  dalli
  newrelic_rpm
  nokogiri
  rack-cache
  rdiscount
  sinatra
  slim
  unicorn
